PATH
  remote: .
  specs:
    NycParks (0.1.0)

GEM
  remote: https://rubygems.org/
  specs:
    coderay (1.1.2)
    method_source (0.9.0)
    mini_portile2 (2.3.0)
    nokogiri (1.8.2-x64-mingw32)
      mini_portile2 (~> 2.3.0)
    pry (0.11.3)
      coderay (~> 1.1.0)
      method_source (~> 0.9.0)
    rake (10.4.2)

PLATFORMS
  x64-mingw32

DEPENDENCIES
  NycParks!
  bundler (~> 1.16)
  nokogiri
  pry
  rake (~> 10.0)

BUNDLED WITH
   1.16.1
